GEM
  remote: http://rubygems.org/
  specs:
    columnize (0.3.2)
    facter (1.5.8)
    linecache (0.43)
    puppet (2.6.7)
      facter (>= 1.5.1)
    ruby-debug (0.10.4)
      columnize (>= 0.1)
      ruby-debug-base (~> 0.10.4.0)
    ruby-debug-base (0.10.4)
      linecache (>= 0.3)

PLATFORMS
  ruby

DEPENDENCIES
  puppet
  ruby-debug
